GEM
  remote: https://rubygems.org/
  specs:
    allison (2.0.3)
    apachelogregex (0.1.0)
      echoe (>= 3.1)
      rake (>= 0.8)
    curses (1.0.1)
    diff-lcs (1.2.5)
    docile (1.1.5)
    echoe (4.6.6)
      allison (>= 2.0.3)
      rake (>= 0.9.2)
      rdoc (>= 2.5.11)
      rubyforge (>= 2.0.4)
    json (1.8.2)
    json_pure (1.8.2)
    multi_json (1.11.0)
    rake (10.4.2)
    rdoc (4.2.0)
      json (~> 1.4)
    rspec (2.99.0)
      rspec-core (~> 2.99.0)
      rspec-expectations (~> 2.99.0)
      rspec-mocks (~> 2.99.0)
    rspec-core (2.99.2)
    rspec-expectations (2.99.2)
      diff-lcs (>= 1.1.3, < 2.0)
    rspec-mocks (2.99.3)
    rubyforge (2.0.4)
      json_pure (>= 1.1.7)
    simplecov (0.9.2)
      docile (~> 1.1.0)
      multi_json (~> 1.0)
      simplecov-html (~> 0.9.0)
    simplecov-html (0.9.0)
    thread_safe (0.3.5)

PLATFORMS
  ruby

DEPENDENCIES
  apachelogregex
  curses (= 1.0.1)
  rspec (< 3.0.0)
  simplecov
  thread_safe (= 0.3.5)
